GEM
  remote: https://rubygems.org/
  specs:
    actionmailer (4.1.1)
      actionpack (= 4.1.1)
      actionview (= 4.1.1)
      mail (~> 2.5.4)
    actionpack (4.1.1)
      actionview (= 4.1.1)
      activesupport (= 4.1.1)
      rack (~> 1.5.2)
      rack-test (~> 0.6.2)
    actionview (4.1.1)
      activesupport (= 4.1.1)
      builder (~> 3.1)
      erubis (~> 2.7.0)
    activemodel (4.1.1)
      activesupport (= 4.1.1)
      builder (~> 3.1)
    activerecord (4.1.1)
      activemodel (= 4.1.1)
      activesupport (= 4.1.1)
      arel (~> 5.0.0)
    activesupport (4.1.1)
      i18n (~> 0.6, >= 0.6.9)
      json (~> 1.7, >= 1.7.7)
      minitest (~> 5.1)
      thread_safe (~> 0.1)
      tzinfo (~> 1.1)
    arel (5.0.1.20140414130214)
    autoprefixer-rails (5.1.7)
      execjs
      json
    bcrypt (3.1.7)
    bootstrap-sass (3.3.3)
      autoprefixer-rails (>= 5.0.0.1)
      sass (>= 3.2.19)
    breadcrumbs_on_rails (2.3.0)
    builder (3.2.2)
    climate_control (0.0.3)
      activesupport (>= 3.0)
    cocaine (0.5.4)
      climate_control (>= 0.0.3, < 1.0)
    coffee-rails (4.0.1)
      coffee-script (>= 2.2.0)
      railties (>= 4.0.0, < 5.0)
    coffee-script (2.2.0)
      coffee-script-source
      execjs
    coffee-script-source (1.7.0)
    devise (3.2.4)
      bcrypt (~> 3.0)
      orm_adapter (~> 0.1)
      railties (>= 3.2.6, < 5)
      thread_safe (~> 0.1)
      warden (~> 1.2.3)
    erubis (2.7.0)
    execjs (2.2.1)
    fancybox2-rails (0.2.8)
      railties (>= 3.1.0, < 5.0)
    font-awesome-rails (4.1.0.0)
      railties (>= 3.2, < 5.0)
    fullcalendar-rails (2.2.5.0)
      jquery-rails (>= 3.1.1, < 5.0.0)
      momentjs-rails (~> 2.8, >= 2.8.3)
    haml (4.0.6)
      tilt
    hike (1.2.3)
    i18n (0.6.9)
    icalendar (2.1.0)
    jbuilder (1.5.3)
      activesupport (>= 3.0.0)
      multi_json (>= 1.2.0)
    jquery-rails (3.1.1)
      railties (>= 3.0, < 5.0)
      thor (>= 0.14, < 2.0)
    jquery-turbolinks (2.0.2)
      railties (>= 3.1.0)
      turbolinks
    jquery-ui-rails (5.0.0)
      railties (>= 3.2.16)
    json (1.8.1)
    kaminari (0.16.1)
      actionpack (>= 3.0.0)
      activesupport (>= 3.0.0)
    libv8 (3.16.14.3)
    mail (2.5.4)
      mime-types (~> 1.16)
      treetop (~> 1.4.8)
    mime-types (1.25.1)
    minitest (5.3.5)
    momentjs-rails (2.8.3)
      railties (>= 3.1)
    multi_json (1.10.1)
    mysql2 (0.3.14)
    orm_adapter (0.5.0)
    paperclip (4.1.1)
      activemodel (>= 3.0.0)
      activesupport (>= 3.0.0)
      cocaine (~> 0.5.3)
      mime-types
    polyglot (0.3.5)
    rack (1.5.2)
    rack-test (0.6.2)
      rack (>= 1.0)
    rails (4.1.1)
      actionmailer (= 4.1.1)
      actionpack (= 4.1.1)
      actionview (= 4.1.1)
      activemodel (= 4.1.1)
      activerecord (= 4.1.1)
      activesupport (= 4.1.1)
      bundler (>= 1.3.0, < 2.0)
      railties (= 4.1.1)
      sprockets-rails (~> 2.0)
    rails-i18n (4.0.3)
      i18n (~> 0.6)
      railties (~> 4.0)
    railties (4.1.1)
      actionpack (= 4.1.1)
      activesupport (= 4.1.1)
      rake (>= 0.8.7)
      thor (>= 0.18.1, < 2.0)
    rake (10.3.2)
    rdoc (4.1.1)
      json (~> 1.4)
    ref (1.0.5)
    sass (3.2.19)
    sass-rails (4.0.3)
      railties (>= 4.0.0, < 5.0)
      sass (~> 3.2.0)
      sprockets (~> 2.8, <= 2.11.0)
      sprockets-rails (~> 2.0)
    sdoc (0.4.0)
      json (~> 1.8)
      rdoc (~> 4.0, < 5.0)
    slim (3.0.2)
      temple (~> 0.7.3)
      tilt (>= 1.3.3, < 2.1)
    sprockets (2.11.0)
      hike (~> 1.2)
      multi_json (~> 1.0)
      rack (~> 1.0)
      tilt (~> 1.1, != 1.3.0)
    sprockets-rails (2.1.3)
      actionpack (>= 3.0)
      activesupport (>= 3.0)
      sprockets (~> 2.8)
    sqlite3 (1.3.9)
    temple (0.7.5)
    the_notification (0.5.1)
      slim
    the_role (3.0.2)
      the_role_api (~> 3.0.3)
      the_role_management_panel (~> 3.0.2)
    the_role_api (3.0.3)
      multi_json
      rails (>= 3.2, < 5)
      the_string_to_slug (~> 1.2)
    the_role_management_panel (3.0.2)
      bootstrap-sass (~> 3.3, >= 3.3.1)
      coffee-rails
      haml
      rails (>= 3, < 5)
      sass-rails
      the_notification (~> 0.5.1)
    the_string_to_slug (1.2)
      rails-i18n (~> 4.0.0.pre)
    therubyracer (0.12.1)
      libv8 (~> 3.16.14.0)
      ref
    thor (0.19.1)
    thread_safe (0.3.4)
    tilt (1.4.1)
    treetop (1.4.15)
      polyglot
      polyglot (>= 0.3.1)
    turbolinks (2.2.2)
      coffee-rails
    tzinfo (1.2.1)
      thread_safe (~> 0.1)
    uglifier (2.5.1)
      execjs (>= 0.3.0)
      json (>= 1.8.0)
    warden (1.2.3)
      rack (>= 1.0)
    wice_grid (3.4.2)
      kaminari (>= 0.13.0)

PLATFORMS
  ruby

DEPENDENCIES
  breadcrumbs_on_rails
  coffee-rails (~> 4.0.0)
  devise
  fancybox2-rails (~> 0.2.8)
  font-awesome-rails
  fullcalendar-rails (~> 2.2.5)
  icalendar
  jbuilder (~> 1.2)
  jquery-rails
  jquery-turbolinks
  jquery-ui-rails
  momentjs-rails
  mysql2
  paperclip (~> 4.1)
  rails (= 4.1.1)
  sass-rails (~> 4.0.3)
  sdoc
  sqlite3
  the_role (~> 3.0.0)
  therubyracer
  turbolinks
  uglifier (>= 1.3.0)
  wice_grid (= 3.4.2)
